GEM
  remote: https://rubygems.org/
  specs:
    ansi (1.5.0)
    ast (2.4.1)
    byebug (11.1.3)
    coderay (1.1.3)
    ffi (1.13.1)
    httparty (0.18.1)
      mime-types (~> 3.0)
      multi_xml (>= 0.5.2)
    listen (3.3.3)
      rb-fsevent (~> 0.10, >= 0.10.3)
      rb-inotify (~> 0.9, >= 0.9.10)
    method_source (1.0.0)
    mime-types (3.3.1)
      mime-types-data (~> 3.2015)
    mime-types-data (3.2020.1104)
    multi_xml (0.6.0)
    oga (3.3)
      ast
      ruby-ll (~> 2.1)
    parallel (1.20.1)
    parser (2.7.2.0)
      ast (~> 2.4.1)
    pry (0.13.1)
      coderay (~> 1.1)
      method_source (~> 1.0)
    rainbow (3.0.0)
    rb-fsevent (0.10.4)
    rb-inotify (0.10.1)
      ffi (~> 1.0)
    regexp_parser (2.0.0)
    rerun (0.13.1)
      listen (~> 3.0)
    rexml (3.2.4)
    rubocop (1.6.1)
      parallel (~> 1.10)
      parser (>= 2.7.1.5)
      rainbow (>= 2.2.2, < 4.0)
      regexp_parser (>= 1.8, < 3.0)
      rexml
      rubocop-ast (>= 1.2.0, < 2.0)
      ruby-progressbar (~> 1.7)
      unicode-display_width (>= 1.4.0, < 2.0)
    rubocop-ast (1.3.0)
      parser (>= 2.7.1.5)
    ruby-ll (2.1.2)
      ansi
      ast
    ruby-progressbar (1.10.1)
    unicode-display_width (1.7.0)

PLATFORMS
  ruby
  x86_64-darwin-20

DEPENDENCIES
  byebug
  httparty
  oga
  pry
  rerun
  rubocop

RUBY VERSION
   ruby 2.7.2p137

BUNDLED WITH
   2.2.0
